GEM
  remote: https://rubygems.org/
  specs:
    addressable (2.7.0)
      public_suffix (>= 2.0.2, < 5.0)
    concurrent-ruby (1.1.5)
    cookiejar (0.3.3)
    cool.io (1.5.4)
    dig_rb (1.0.1)
    em-http-request (1.1.5)
      addressable (>= 2.3.4)
      cookiejar (!= 0.3.1)
      em-socksify (>= 0.3)
      eventmachine (>= 1.0.3)
      http_parser.rb (>= 0.6.0)
    em-socksify (0.3.2)
      eventmachine (>= 1.0.0.beta.4)
    eventmachine (1.2.7)
    faraday (0.17.0)
      multipart-post (>= 1.2, < 3)
    faraday_middleware (0.13.1)
      faraday (>= 0.7.4, < 1.0)
    faye (1.2.4)
      cookiejar (>= 0.3.0)
      em-http-request (>= 0.3.0)
      eventmachine (>= 0.12.0)
      faye-websocket (>= 0.9.1)
      multi_json (>= 1.0.0)
      rack (>= 1.0.0)
      websocket-driver (>= 0.5.1)
    faye-websocket (0.10.9)
      eventmachine (>= 0.12.0)
      websocket-driver (>= 0.5.1)
    fluent-plugin-sforce (0.0.6)
      faye (~> 1.2.4)
      fluentd
      nokogiri (>= 1.10.4)
      restforce (~> 3.0.0)
    fluentd (1.7.4)
      cool.io (>= 1.4.5, < 2.0.0)
      dig_rb (~> 1.0.0)
      http_parser.rb (>= 0.5.1, < 0.7.0)
      msgpack (>= 1.2.0, < 2.0.0)
      serverengine (>= 2.0.4, < 3.0.0)
      sigdump (~> 0.2.2)
      strptime (>= 0.2.2, < 1.0.0)
      tzinfo (~> 2.0)
      tzinfo-data (~> 1.0)
      yajl-ruby (~> 1.0)
    hashie (3.6.0)
    http_parser.rb (0.6.0)
    json (2.2.0)
    mini_portile2 (2.6.1)
    msgpack (1.3.1)
    multi_json (1.14.1)
    multipart-post (2.1.1)
    nokogiri (1.12.5)
      mini_portile2 (~> 2.6.1)
      racc (~> 1.4)
    public_suffix (4.0.1)
    racc (1.5.2)
    rack (2.0.7)
    restforce (3.0.1)
      faraday (>= 0.9.0, <= 1.0)
      faraday_middleware (>= 0.8.8, <= 1.0)
      hashie (>= 1.2.0, < 4.0)
      json (>= 1.7.5)
    serverengine (2.1.1)
      sigdump (~> 0.2.2)
    sigdump (0.2.4)
    strptime (0.2.3)
    tzinfo (2.0.0)
      concurrent-ruby (~> 1.0)
    tzinfo-data (1.2019.3)
      tzinfo (>= 1.0.0)
    websocket-driver (0.7.1)
      websocket-extensions (>= 0.1.0)
    websocket-extensions (0.1.4)
    yajl-ruby (1.4.1)

PLATFORMS
  ruby

DEPENDENCIES
  fluent-plugin-sforce
  fluentd

BUNDLED WITH
   1.16.2
