GEM
  remote: https://rubygems.org/
  specs:
    concurrent-ruby (1.0.5)
    i18n (1.0.0)
      concurrent-ruby (~> 1.0)

PLATFORMS
  ruby

DEPENDENCIES
  i18n

BUNDLED WITH
   1.16.1
