GEM
  remote: https://rubygems.org/
  specs:
    gosu (0.14.4)
    gosu-examples (1.0.5)
      gosu (>= 0.11.0)

PLATFORMS
  ruby

DEPENDENCIES
  gosu
  gosu-examples

BUNDLED WITH
   1.16.2
