GEM
  remote: https://rubygems.org/
  specs:
    racc (1.4.15)
    rexical (1.0.7)

PLATFORMS
  ruby

DEPENDENCIES
  racc
  rexical

BUNDLED WITH
   1.16.2
